NUGET
  remote: https://www.nuget.org/api/v2
  specs:
    FAKE (4.20)
    Machine.Specifications (0.9.3)
    Machine.Specifications.Runner.Console (0.9.1)
    Machine.Specifications.Should (0.8)
      Machine.Specifications (>= 0.9 < 1.0)
    Moq (4.2.1510.2205)
